{
  "Modality": "MR",
  "InstitutionName": "NIH Clinical Center",
  "InstitutionalDepartmentName": "Radiology MR2",
  "StudyDescription": "MRI Brain",
  "Manufacturer": "Philips Medical Systems",
  "ManufacturerModelName": "Achieva",
  "StationName": "PHILIPS-73D411A",
  "DeviceSerialNumber": "17384",
  "ReceiveCoilName": "Dual coil",
  "TransmitCoilName": "S",
  "MagneticFieldStrength": 3,
  "SoftwareVersion": "3.2.3\\3.2.3.1",
  "SeriesDescription": "3D T1 TFE SAG 2",
  "ProtocolName": "WIP 3D T1 TFE SAG 2 SENSE",
  "ImageType": "ORIGINAL\\PRIMARY\\M_FFE\\M\\FFE",
  "ScanningSequence": "GR",
  "SequenceVariant": "MP",
  "ScanOptions": "OTHER",
  "SequenceName": "",
  "SliceThickness": 1,
  "EchoTime": 3.7,
  "RepetitionTime": 8.07740020751953,
  "FlipAngle": 8,
  "ReconstructionDiameter": 240,
  "PercentPhaseFieldOfView": 100
}
