{
  "Modality": "MR",
  "InstitutionName": "NIH Clinical Center",
  "InstitutionalDepartmentName": "Radiology MR4",
  "StudyDescription": "MRI Brain",
  "Manufacturer": "Philips Medical Systems",
  "ManufacturerModelName": "Achieva",
  "StationName": "PHILIPS-AIM0FD6",
  "DeviceSerialNumber": "17461",
  "ReceiveCoilName": "SENSE_HEAD_8",
  "MagneticFieldStrength": 3,
  "SoftwareVersion": "5.1.7\\5.1.7.2",
  "SeriesDescription": "3D T1 TFE SAG 1",
  "ProtocolName": "WIP 3D T1 TFE SAG 1 SENSE",
  "ImageType": "ORIGINAL\\PRIMARY\\M_FFE\\M\\FFE",
  "ScanningSequence": "GR",
  "SequenceVariant": "MP",
  "ScanOptions": "OTHER",
  "SliceThickness": 1,
  "EchoTime": 3.818,
  "RepetitionTime": 8.31999969482421,
  "FlipAngle": 8,
  "ReconstructionDiameter": 240,
  "PercentPhaseFieldOfView": 100
}
