{
  "Modality": "MR",
  "InstitutionName": "NIH Clinical Center",
  "InstitutionalDepartmentName": "Radiology MR2",
  "StudyDescription": "MRI Brain",
  "Manufacturer": "Philips Medical Systems",
  "ManufacturerModelName": "Achieva",
  "StationName": "PHILIPS-GN34U7Q",
  "DeviceSerialNumber": "17384",
  "ReceiveCoilName": "SENSE_HEAD_8",
  "MagneticFieldStrength": 3,
  "SoftwareVersion": "5.3.1\\5.3.1.1",
  "SeriesDescription": "3D T1 TFE SAG 1",
  "ProtocolName": "3D T1 TFE SAG 1",
  "ImageType": "ORIGINAL\\PRIMARY\\M_FFE\\M\\FFE",
  "ScanningSequence": "GR",
  "SequenceVariant": "MP",
  "ScanOptions": "OTHER",
  "SliceThickness": 1,
  "EchoTime": 3.796,
  "RepetitionTime": 8.22859954833984,
  "FlipAngle": 8,
  "ReconstructionDiameter": 240,
  "PercentPhaseFieldOfView": 100
}
